GEM
  remote: http://rubygems.org/
  specs:
    amazing_print (1.3.0)
    ast (2.4.2)
    backport (1.1.2)
    benchmark (0.1.1)
    bond (0.5.1)
    byebug (11.1.3)
    coderay (1.1.3)
    concurrent-ruby (1.1.8)
    dry-inflector (0.2.0)
    e2mmap (0.1.0)
    ffi (1.15.0)
    functional-light-service (0.3.2)
      dry-inflector (>= 0.2.0)
      i18n (>= 1.8.2)
    gli (2.20.0)
    hirb (0.7.3)
    i18n (1.8.9)
      concurrent-ruby (~> 1.0)
    jaro_winkler (1.5.4)
    kramdown (2.3.0)
      rexml
    kramdown-parser-gfm (1.1.0)
      kramdown (~> 2.0)
    lit-cli (0.8.1)
      pastel
      pry
    looksee (4.4.0)
    method_source (1.0.0)
    mini_portile2 (2.5.0)
    nokogiri (1.11.2)
      mini_portile2 (~> 2.5.0)
      racc (~> 1.4)
    parallel (1.20.1)
    parser (3.0.0.0)
      ast (~> 2.4.1)
    pastel (0.8.0)
      tty-color (~> 0.5)
    pry (0.13.1)
      coderay (~> 1.1)
      method_source (~> 1.0)
    pry-bond (0.0.1)
      bond (~> 0.5)
      rb-readline (~> 0.5)
    pry-byebug (3.9.0)
      byebug (~> 11.0)
      pry (~> 0.13.0)
    racc (1.5.2)
    rainbow (3.0.0)
    rb-readline (0.5.5)
    rcsv (0.3.1)
    regexp_parser (2.1.1)
    reverse_markdown (2.0.0)
      nokogiri
    rexml (3.2.4)
    rubocop (1.11.0)
      parallel (~> 1.10)
      parser (>= 3.0.0.0)
      rainbow (>= 2.2.2, < 4.0)
      regexp_parser (>= 1.8, < 3.0)
      rexml
      rubocop-ast (>= 1.2.0, < 2.0)
      ruby-progressbar (~> 1.7)
      unicode-display_width (>= 1.4.0, < 3.0)
    rubocop-ast (1.4.1)
      parser (>= 2.7.1.5)
    rubocop-config-prettier (0.1.12)
    rubocop-performance (1.10.1)
      rubocop (>= 0.90.0, < 2.0)
      rubocop-ast (>= 0.4.0)
    ruby-progressbar (1.11.0)
    rufo (0.12.0)
    settingslogic (2.0.9)
    solargraph (0.40.4)
      backport (~> 1.1)
      benchmark
      bundler (>= 1.17.2)
      e2mmap
      jaro_winkler (~> 1.5)
      kramdown (~> 2.3)
      kramdown-parser-gfm (~> 1.1)
      parser (~> 3.0)
      reverse_markdown (>= 1.0.5, < 3)
      rubocop (>= 0.52)
      thor (~> 1.0)
      tilt (~> 2.0)
      yard (~> 0.9, >= 0.9.24)
    standard (1.0.4)
      rubocop (= 1.11.0)
      rubocop-performance (= 1.10.1)
    thor (1.1.0)
    tilt (2.0.10)
    tty-color (0.6.0)
    unicode-display_width (2.0.0)
    yard (0.9.26)
    yell (2.2.2)

PLATFORMS
  ruby

DEPENDENCIES
  amazing_print (~> 1.3.0)
  dry-inflector (~> 0.2.0)
  ffi (~> 1.15.0)
  functional-light-service (~> 0.3.2)
  gli (~> 2.20.0)
  hirb (~> 0.7.3)
  lit-cli
  looksee (~> 4.4.0)
  pry (~> 0.13.1)
  pry-bond (~> 0.0.1)
  pry-byebug (~> 3.9.0)
  rcsv (~> 0.3.1)
  rubocop (~> 1.11.0)
  rubocop-config-prettier (~> 0.1.12)
  rubocop-performance (~> 1.10.1)
  rufo (~> 0.12.0)
  settingslogic (~> 2.0.9)
  solargraph (~> 0.40.4)
  standard (~> 1.0.4)
  yell (~> 2.2.2)

RUBY VERSION
   ruby 3.0.0p0

BUNDLED WITH
   2.2.12
