GIT
  remote: https://github.com/deivid-rodriguez/pry-byebug
  revision: bf28c9781c434b2f00a83130ec5a8a992a691183
  specs:
    pry-byebug (3.9.0)
      byebug (~> 11.0)
      pry (>= 0.13, < 0.15)

GEM
  remote: http://rubygems.org/
  specs:
    amazing_print (1.4.0)
    ast (2.4.2)
    backport (1.2.0)
    benchmark (0.2.0)
    better_settings (1.0.1)
    bond (0.5.1)
    byebug (11.1.3)
    coderay (1.1.3)
    concurrent-ruby (1.1.10)
    diff-lcs (1.5.0)
    dry-inflector (0.2.1)
    e2mmap (0.1.0)
    et-orbi (1.2.7)
      tzinfo
    ffi (1.15.5)
    fugit (1.5.2)
      et-orbi (~> 1.1, >= 1.1.8)
      raabro (~> 1.4)
    functional-light-service (0.3.4)
      dry-inflector (>= 0.2.0)
      i18n (>= 1.8.2)
    github-markup (4.0.0)
    gli (2.21.0)
    hamster (3.0.0)
      concurrent-ruby (~> 1.0)
    hirb (0.7.3)
    i18n (1.10.0)
      concurrent-ruby (~> 1.0)
    ice_nine (0.11.2)
    jaro_winkler (1.5.4)
    kramdown (2.3.2)
      rexml
    kramdown-parser-gfm (1.1.0)
      kramdown (~> 2.0)
    looksee (4.4.0)
    method_source (1.0.0)
    mini_portile2 (2.7.1)
    net-sftp (3.0.0)
      net-ssh (>= 5.0.0, < 7.0.0)
    net-ssh (6.1.0)
    nokogiri (1.13.1)
      mini_portile2 (~> 2.7.0)
      racc (~> 1.4)
    parallel (1.22.0)
    parser (3.1.1.0)
      ast (~> 2.4.1)
    pastel (0.8.0)
      tty-color (~> 0.5)
    pry (0.14.1)
      coderay (~> 1.1)
      method_source (~> 1.0)
    pry-bond (0.0.1)
      bond (~> 0.5)
      rb-readline (~> 0.5)
    raabro (1.4.0)
    racc (1.6.0)
    rainbow (3.1.1)
    rb-readline (0.5.5)
    redcarpet (3.5.1)
    regexp_parser (2.2.1)
    reverse_markdown (2.1.1)
      nokogiri
    rexml (3.2.5)
    rubocop (1.26.0)
      parallel (~> 1.10)
      parser (>= 3.1.0.0)
      rainbow (>= 2.2.2, < 4.0)
      regexp_parser (>= 1.8, < 3.0)
      rexml
      rubocop-ast (>= 1.16.0, < 2.0)
      ruby-progressbar (~> 1.7)
      unicode-display_width (>= 1.4.0, < 3.0)
    rubocop-ast (1.16.0)
      parser (>= 3.1.1.0)
    rubocop-performance (1.13.3)
      rubocop (>= 1.7.0, < 2.0)
      rubocop-ast (>= 0.4.0)
    ruby-progressbar (1.11.0)
    rufo (0.13.0)
    rufus-scheduler (3.8.1)
      fugit (~> 1.1, >= 1.1.6)
    solargraph (0.44.3)
      backport (~> 1.2)
      benchmark
      bundler (>= 1.17.2)
      diff-lcs (~> 1.4)
      e2mmap
      jaro_winkler (~> 1.5)
      kramdown (~> 2.3)
      kramdown-parser-gfm (~> 1.1)
      parser (~> 3.0)
      reverse_markdown (>= 1.0.5, < 3)
      rubocop (>= 0.52)
      thor (~> 1.0)
      tilt (~> 2.0)
      yard (~> 0.9, >= 0.9.24)
    sqlite3 (1.4.2)
    standard (1.9.0)
      rubocop (= 1.26.0)
      rubocop-performance (= 1.13.3)
    thor (1.2.1)
    tilt (2.0.10)
    tty-color (0.6.0)
    tzinfo (2.0.4)
      concurrent-ruby (~> 1.0)
    unicode-display_width (2.1.0)
    webrick (1.7.0)
    yard (0.9.27)
      webrick (~> 1.7.0)

PLATFORMS
  ruby

DEPENDENCIES
  amazing_print (~> 1.4.0)
  better_settings (~> 1.0.1)
  dry-inflector (~> 0.2.1)
  ffi (~> 1.15.0)
  functional-light-service (~> 0.3.2)
  github-markup
  gli (~> 2.21.0)
  hamster (~> 3.0.0)
  hirb (~> 0.7.3)
  ice_nine (~> 0.11.2)
  looksee (~> 4.4.0)
  net-sftp (~> 3.0.0)
  nokogiri (= 1.13.1)
  pastel (~> 0.8.0)
  pry (~> 0.14.1)
  pry-bond (~> 0.0.1)
  pry-byebug!
  redcarpet (~> 3.5.1)
  rubocop (~> 1.26.0)
  rubocop-performance (~> 1.13.3)
  rufo (~> 0.13.0)
  rufus-scheduler (~> 3.8.0)
  solargraph (~> 0.44.3)
  sqlite3 (~> 1.4.2)
  standard (~> 1.9.0)

RUBY VERSION
   ruby 3.1.1p18

BUNDLED WITH
   2.3.9
